GEM
  remote: https://rubygems.org/
  specs:
    actioncable (7.0.8)
      actionpack (= 7.0.8)
      activesupport (= 7.0.8)
      nio4r (~> 2.0)
      websocket-driver (>= 0.6.1)
    actionmailbox (7.0.8)
      actionpack (= 7.0.8)
      activejob (= 7.0.8)
      activerecord (= 7.0.8)
      activestorage (= 7.0.8)
      activesupport (= 7.0.8)
      mail (>= 2.7.1)
      net-imap
      net-pop
      net-smtp
    actionmailer (7.0.8)
      actionpack (= 7.0.8)
      actionview (= 7.0.8)
      activejob (= 7.0.8)
      activesupport (= 7.0.8)
      mail (~> 2.5, >= 2.5.4)
      net-imap
      net-pop
      net-smtp
      rails-dom-testing (~> 2.0)
    actionpack (7.0.8)
      actionview (= 7.0.8)
      activesupport (= 7.0.8)
      rack (~> 2.0, >= 2.2.4)
      rack-test (>= 0.6.3)
      rails-dom-testing (~> 2.0)
      rails-html-sanitizer (~> 1.0, >= 1.2.0)
    actiontext (7.0.8)
      actionpack (= 7.0.8)
      activerecord (= 7.0.8)
      activestorage (= 7.0.8)
      activesupport (= 7.0.8)
      globalid (>= 0.6.0)
      nokogiri (>= 1.8.5)
    actionview (7.0.8)
      activesupport (= 7.0.8)
      builder (~> 3.1)
      erubi (~> 1.4)
      rails-dom-testing (~> 2.0)
      rails-html-sanitizer (~> 1.1, >= 1.2.0)
    activejob (7.0.8)
      activesupport (= 7.0.8)
      globalid (>= 0.3.6)
    activemodel (7.0.8)
      activesupport (= 7.0.8)
    activerecord (7.0.8)
      activemodel (= 7.0.8)
      activesupport (= 7.0.8)
    activestorage (7.0.8)
      actionpack (= 7.0.8)
      activejob (= 7.0.8)
      activerecord (= 7.0.8)
      activesupport (= 7.0.8)
      marcel (~> 1.0)
      mini_mime (>= 1.1.0)
    activesupport (7.0.8)
      concurrent-ruby (~> 1.0, >= 1.0.2)
      i18n (>= 1.6, < 2)
      minitest (>= 5.1)
      tzinfo (~> 2.0)
    addressable (2.8.6)
      public_suffix (>= 2.0.2, < 6.0)
    after_commit_everywhere (1.3.1)
      activerecord (>= 4.2)
      activesupport
    annotate (3.2.0)
      activerecord (>= 3.2, < 8.0)
      rake (>= 10.4, < 14.0)
    arrayfields (4.9.2)
    ast (2.4.2)
    attractor (2.6.0)
      churn (>= 1.0.4)
      descriptive_statistics
      flog (~> 4.0)
      launchy
      listen (~> 3.0)
      rack-livereload
      sinatra
      thor
      tilt
    attractor-ruby (0.3.0)
      attractor (~> 2.0)
    base64 (0.2.0)
    bcrypt (3.1.20)
    better_html (2.0.2)
      actionview (>= 6.0)
      activesupport (>= 6.0)
      ast (~> 2.0)
      erubi (~> 1.4)
      parser (>= 2.4)
      smart_properties
    bigdecimal (3.1.6)
    bindex (0.8.1)
    bootsnap (1.18.3)
      msgpack (~> 1.2)
    brakeman (6.1.2)
      racc
    builder (3.2.4)
    bundler-audit (0.9.1)
      bundler (>= 1.2.0, < 3)
      thor (~> 1.0)
    byebug (11.1.3)
    chronic (0.10.2)
    churn (1.0.8)
      chronic (>= 0.2.3)
      hirb
      main
      ruby_parser (~> 3.0)
      sexp_processor (~> 4.1)
    coderay (1.1.3)
    concurrent-ruby (1.2.3)
    connection_pool (2.4.1)
    crass (1.0.6)
    css_parser (1.21.0)
      addressable
    date (3.3.4)
    descriptive_statistics (2.5.1)
    discard (1.3.0)
      activerecord (>= 4.2, < 8)
    docile (1.4.0)
    dry-cli (1.0.0)
    erb_lint (0.5.0)
      activesupport
      better_html (>= 2.0.1)
      parser (>= 2.7.1.4)
      rainbow
      rubocop
      smart_properties
    erubi (1.12.0)
    factory_bot (6.4.6)
      activesupport (>= 5.0.0)
    factory_bot_rails (6.4.3)
      factory_bot (~> 6.4)
      railties (>= 5.0.0)
    faker (3.2.3)
      i18n (>= 1.8.11, < 2)
    fattr (2.4.0)
    ffaker (2.23.0)
    ffi (1.16.3)
    flog (4.8.0)
      path_expander (~> 1.0)
      ruby_parser (~> 3.1, > 3.1.0)
      sexp_processor (~> 4.8)
    globalid (1.2.1)
      activesupport (>= 6.1)
    gretel (5.0.0)
      actionview (>= 5.1, < 7.2)
      railties (>= 5.1, < 7.2)
    hashie (5.0.0)
    hirb (0.7.3)
    htmlbeautifier (1.4.3)
    htmlentities (4.3.4)
    i18n (1.14.4)
      concurrent-ruby (~> 1.0)
    inline_svg (1.9.0)
      activesupport (>= 3.0)
      nokogiri (>= 1.6)
    json (2.7.1)
    language_server-protocol (3.17.0.3)
    launchy (2.5.2)
      addressable (~> 2.8)
    letter_opener (1.9.0)
      launchy (>= 2.2, < 3)
    listen (3.8.0)
      rb-fsevent (~> 0.10, >= 0.10.3)
      rb-inotify (~> 0.9, >= 0.9.10)
    loofah (2.22.0)
      crass (~> 1.0.2)
      nokogiri (>= 1.12.0)
    lookbook (2.3.5)
      activemodel
      css_parser
      htmlbeautifier (~> 1.3)
      htmlentities (~> 4.3.4)
      marcel (~> 1.0)
      railties (>= 5.0)
      redcarpet (~> 3.5)
      rouge (>= 3.26, < 5.0)
      view_component (>= 2.0)
      yard (~> 0.9)
      zeitwerk (~> 2.5)
    mail (2.8.1)
      mini_mime (>= 0.1.1)
      net-imap
      net-pop
      net-smtp
    main (6.3.0)
      arrayfields (~> 4.9, >= 4.9.2)
      chronic (~> 0.10, >= 0.10.2)
      fattr (~> 2.4, >= 2.4.0)
      map (~> 6.6, >= 6.6.0)
    map (6.6.0)
    marcel (1.0.2)
    meta-tags (2.20.0)
      actionpack (>= 6.0.0, < 7.2)
    method_source (1.0.0)
    mini_mime (1.1.5)
    minitest (5.22.2)
    mjml-rails (4.10.1)
    msgpack (1.7.2)
    mustermann (3.0.0)
      ruby2_keywords (~> 0.0.1)
    net-imap (0.4.10)
      date
      net-protocol
    net-pop (0.1.2)
      net-protocol
    net-protocol (0.2.2)
      timeout
    net-smtp (0.4.0.1)
      net-protocol
    nio4r (2.7.0)
    nokogiri (1.16.2-arm64-darwin)
      racc (~> 1.4)
    nokogiri (1.16.2-x86_64-linux)
      racc (~> 1.4)
    omniauth (2.1.1)
      hashie (>= 3.4.6)
      rack (>= 2.2.3)
      rack-protection
    pagy (9.3.4)
    parallel (1.24.0)
    parser (3.3.0.5)
      ast (~> 2.4.1)
      racc
    path_expander (1.1.1)
    pg (1.5.4)
    propshaft (0.8.0)
      actionpack (>= 7.0.0)
      activesupport (>= 7.0.0)
      rack
      railties (>= 7.0.0)
    pry (0.14.2)
      coderay (~> 1.1)
      method_source (~> 1.0)
    pry-byebug (3.10.1)
      byebug (~> 11.0)
      pry (>= 0.13, < 0.15)
    public_suffix (5.0.4)
    puma (6.4.2)
      nio4r (~> 2.0)
    racc (1.7.3)
    rack (2.2.8.1)
    rack-livereload (0.5.2)
      rack (< 3)
    rack-protection (3.2.0)
      base64 (>= 0.1.0)
      rack (~> 2.2, >= 2.2.4)
    rack-proxy (0.7.7)
      rack
    rack-test (2.1.0)
      rack (>= 1.3)
    rails (7.0.8)
      actioncable (= 7.0.8)
      actionmailbox (= 7.0.8)
      actionmailer (= 7.0.8)
      actionpack (= 7.0.8)
      actiontext (= 7.0.8)
      actionview (= 7.0.8)
      activejob (= 7.0.8)
      activemodel (= 7.0.8)
      activerecord (= 7.0.8)
      activestorage (= 7.0.8)
      activesupport (= 7.0.8)
      bundler (>= 1.15.0)
      railties (= 7.0.8)
    rails-dom-testing (2.2.0)
      activesupport (>= 5.0.0)
      minitest
      nokogiri (>= 1.6)
    rails-html-sanitizer (1.6.0)
      loofah (~> 2.21)
      nokogiri (~> 1.14)
    railties (7.0.8)
      actionpack (= 7.0.8)
      activesupport (= 7.0.8)
      method_source
      rake (>= 12.2)
      thor (~> 1.0)
      zeitwerk (~> 2.5)
    rainbow (3.1.1)
    rake (13.1.0)
    rb-fsevent (0.11.2)
    rb-inotify (0.10.1)
      ffi (~> 1.0)
    redcarpet (3.6.1)
    redis (5.1.0)
      redis-client (>= 0.17.0)
    redis-client (0.20.0)
      connection_pool
    regexp_parser (2.9.0)
    rexml (3.2.6)
    roda (3.77.0)
      rack
    rodauth (2.33.0)
      roda (>= 2.6.0)
      sequel (>= 4)
    rodauth-model (0.2.1)
      rodauth (~> 2.0)
    rodauth-omniauth (0.3.3)
      omniauth (~> 2.0)
      rodauth (~> 2.13)
    rodauth-rails (1.13.0)
      bcrypt
      railties (>= 5.0, < 8)
      roda (~> 3.73)
      rodauth (~> 2.30)
      rodauth-model (~> 0.2)
      sequel-activerecord_connection (~> 1.1)
      tilt
    rouge (4.5.1)
    rubocop (1.60.2)
      json (~> 2.3)
      language_server-protocol (>= 3.17.0)
      parallel (~> 1.10)
      parser (>= 3.3.0.2)
      rainbow (>= 2.2.2, < 4.0)
      regexp_parser (>= 1.8, < 3.0)
      rexml (>= 3.2.5, < 4.0)
      rubocop-ast (>= 1.30.0, < 2.0)
      ruby-progressbar (~> 1.7)
      unicode-display_width (>= 2.4.0, < 3.0)
    rubocop-ast (1.30.0)
      parser (>= 3.2.1.0)
    rubocop-capybara (2.20.0)
      rubocop (~> 1.41)
    rubocop-factory_bot (2.25.1)
      rubocop (~> 1.41)
    rubocop-faker (1.1.0)
      faker (>= 2.12.0)
      rubocop (>= 0.82.0)
    rubocop-md (1.2.2)
      rubocop (>= 1.0)
    rubocop-minitest (0.34.5)
      rubocop (>= 1.39, < 2.0)
      rubocop-ast (>= 1.30.0, < 2.0)
    rubocop-performance (1.20.2)
      rubocop (>= 1.48.1, < 2.0)
      rubocop-ast (>= 1.30.0, < 2.0)
    rubocop-rails (2.23.1)
      activesupport (>= 4.2.0)
      rack (>= 1.1)
      rubocop (>= 1.33.0, < 2.0)
      rubocop-ast (>= 1.30.0, < 2.0)
    rubocop-rails-omakase (1.0.0)
      rubocop
      rubocop-minitest
      rubocop-performance
      rubocop-rails
    rubocop-rspec (2.26.1)
      rubocop (~> 1.40)
      rubocop-capybara (~> 2.17)
      rubocop-factory_bot (~> 2.22)
    ruby-progressbar (1.13.0)
    ruby2_keywords (0.0.5)
    ruby_parser (3.21.0)
      racc (~> 1.5)
      sexp_processor (~> 4.16)
    sequel (5.77.0)
      bigdecimal
    sequel-activerecord_connection (1.3.1)
      activerecord (>= 4.2, < 8)
      after_commit_everywhere (~> 1.1)
      sequel (~> 5.38)
    sexp_processor (4.17.1)
    simplecov (0.22.0)
      docile (~> 1.1)
      simplecov-html (~> 0.11)
      simplecov_json_formatter (~> 0.1)
    simplecov-html (0.12.3)
    simplecov_json_formatter (0.1.4)
    sinatra (3.2.0)
      mustermann (~> 3.0)
      rack (~> 2.2, >= 2.2.4)
      rack-protection (= 3.2.0)
      tilt (~> 2.0)
    smart_properties (1.17.0)
    strong_migrations (1.7.0)
      activerecord (>= 5.2)
    thor (1.3.1)
    tilt (2.3.0)
    timeout (0.4.1)
    turbo-rails (2.0.2)
      actionpack (>= 6.0.0)
      activejob (>= 6.0.0)
      railties (>= 6.0.0)
    tzinfo (2.0.6)
      concurrent-ruby (~> 1.0)
    unicode-display_width (2.5.0)
    view_component (3.10.0)
      activesupport (>= 5.2.0, < 8.0)
      concurrent-ruby (~> 1.0)
      method_source (~> 1.0)
    vite_rails (3.0.17)
      railties (>= 5.1, < 8)
      vite_ruby (~> 3.0, >= 3.2.2)
    vite_ruby (3.5.0)
      dry-cli (>= 0.7, < 2)
      rack-proxy (~> 0.6, >= 0.6.1)
      zeitwerk (~> 2.2)
    web-console (4.2.1)
      actionview (>= 6.0.0)
      activemodel (>= 6.0.0)
      bindex (>= 0.4.0)
      railties (>= 6.0.0)
    websocket-driver (0.7.6)
      websocket-extensions (>= 0.1.0)
    websocket-extensions (0.1.5)
    yard (0.9.37)
    zeitwerk (2.6.13)

PLATFORMS
  arm64-darwin-21
  arm64-darwin-23
  x86_64-linux

DEPENDENCIES
  annotate
  attractor
  attractor-ruby
  bcrypt
  bootsnap
  brakeman
  bundler-audit
  discard (~> 1.2)
  erb_lint
  factory_bot_rails
  ffaker
  gretel
  inline_svg
  letter_opener
  lookbook
  meta-tags
  mjml-rails
  pagy (~> 9.3.4)
  pg
  propshaft
  pry
  pry-byebug
  puma
  rack (~> 2.2)
  rails (~> 7.0.8)
  redis (~> 5.0)
  rodauth-omniauth
  rodauth-rails
  rubocop-faker
  rubocop-md
  rubocop-rails-omakase
  rubocop-rspec
  simplecov
  strong_migrations
  turbo-rails
  view_component
  vite_rails
  web-console

RUBY VERSION
   ruby 3.2.3p157

BUNDLED WITH
   2.5.6
